PATH
  remote: .
  specs:
    missy_elliott (1.0.0)

GEM
  remote: https://rubygems.org/
  specs:
    minitest (5.5.1)
    rake (10.4.2)

PLATFORMS
  ruby

DEPENDENCIES
  bundler (~> 1.7)
  minitest
  missy_elliott!
  rake (~> 10.0)
